GEM
  remote: http://rubygems.org/
  specs:
    net-ssh (2.3.0)
    thor (0.14.6)

PLATFORMS
  ruby

DEPENDENCIES
  net-ssh
  thor
